GEM
  remote: https://rubygems.org/
  specs:
    cloud_events (0.7.0)
    functions_framework (1.1.0)
      cloud_events (>= 0.7.0, < 2.a)
      puma (>= 4.3.0, < 6.a)
      rack (~> 2.1)
    mustermann (1.1.1)
      ruby2_keywords (~> 0.0.1)
    nio4r (2.5.8)
    puma (5.6.4)
      nio4r (~> 2.0)
    rack (2.2.3)
    rack-protection (2.2.0)
      rack
    ruby2_keywords (0.0.5)
    sinatra (2.2.0)
      mustermann (~> 1.0)
      rack (~> 2.2)
      rack-protection (= 2.2.0)
      tilt (~> 2.0)
    tilt (2.0.10)

PLATFORMS
  x86_64-darwin-20

DEPENDENCIES
  functions_framework
  sinatra

BUNDLED WITH
   2.2.28
